PATH
  remote: .
  specs:
    mynu (0.1.0)

GEM
  remote: http://rubygems.org/
  specs:
    rake (13.0.1)

PLATFORMS
  ruby

DEPENDENCIES
  bundler (~> 1.0.0)
  mynu!
  rake
